GIT
  remote: https://github.com/SciRuby/daru.git
  revision: 3ac3d15f3c1b2e7f5a00b61e6cc81c652d4d0250
  specs:
    daru (0.3)
      packable (~> 1.3.13)

GIT
  remote: https://github.com/michaeldbianchi/daru-view
  revision: a632f242193077fe1a12e6ff50319754f6d2a4e4
  specs:
    daru-view (0.2.5)
      actionview
      daru
      daru-data_tables
      google_visualr
      lazy_high_charts
      nyaplot
      thor

GEM
  remote: http://rubygems.org/
  specs:
    actionview (6.0.3.4)
      activesupport (= 6.0.3.4)
      builder (~> 3.1)
      erubi (~> 1.4)
      rails-dom-testing (~> 2.0)
      rails-html-sanitizer (~> 1.1, >= 1.2.0)
    activemodel (6.0.3.4)
      activesupport (= 6.0.3.4)
    activesupport (6.0.3.4)
      concurrent-ruby (~> 1.0, >= 1.0.2)
      i18n (>= 0.7, < 2)
      minitest (~> 5.1)
      tzinfo (~> 1.1)
      zeitwerk (~> 2.2, >= 2.2.2)
    alphavantagerb (1.4.0)
      httparty (>= 0.15.6)
      humanize (>= 1.7.0)
    backports (3.18.2)
    builder (3.2.4)
    byebug (11.1.3)
    coderay (1.1.3)
    concurrent-ruby (1.1.7)
    crass (1.0.6)
    daru-data_tables (0.3.5)
      daru
    data_uri (0.1.0)
    diff-lcs (1.4.4)
    erubi (1.9.0)
    ffi (1.13.1)
    ffi-rzmq (2.0.7)
      ffi-rzmq-core (>= 1.0.7)
    ffi-rzmq-core (1.0.7)
      ffi
    global (2.0.0)
      activesupport (>= 2.0)
    google_visualr (2.5.1)
    hash-deep-merge (0.1.1)
    httparty (0.18.1)
      mime-types (~> 3.0)
      multi_xml (>= 0.5.2)
    humanize (2.4.3)
    i18n (1.8.5)
      concurrent-ruby (~> 1.0)
    io-console (0.5.9)
    irb (1.3.6)
      reline (>= 0.2.5)
    iruby (0.7.3)
      data_uri (~> 0.1)
      ffi-rzmq
      irb
      mime-types (>= 3.3.1)
      multi_json (~> 1.11)
    lazy_high_charts (1.6.1)
      hash-deep-merge
    loofah (2.7.0)
      crass (~> 1.0.2)
      nokogiri (>= 1.5.9)
    method_source (1.0.0)
    mime-types (3.3.1)
      mime-types-data (~> 3.2015)
    mime-types-data (3.2020.0512)
    mini_portile2 (2.4.0)
    minitest (5.14.2)
    multi_json (1.15.0)
    multi_xml (0.6.0)
    nokogiri (1.10.10)
      mini_portile2 (~> 2.4.0)
    nyaplot (0.1.6)
    packable (1.3.14)
      backports
    pry (0.13.1)
      coderay (~> 1.1)
      method_source (~> 1.0)
    pry-byebug (3.9.0)
      byebug (~> 11.0)
      pry (~> 0.13.0)
    rails-dom-testing (2.0.3)
      activesupport (>= 4.2.0)
      nokogiri (>= 1.6)
    rails-html-sanitizer (1.3.0)
      loofah (~> 2.3)
    rake (13.0.1)
    rbczmq (1.7.9)
    reline (0.2.6)
      io-console (~> 0.5)
    retriable (3.1.2)
    rspec (3.9.0)
      rspec-core (~> 3.9.0)
      rspec-expectations (~> 3.9.0)
      rspec-mocks (~> 3.9.0)
    rspec-core (3.9.3)
      rspec-support (~> 3.9.3)
    rspec-expectations (3.9.2)
      diff-lcs (>= 1.2.0, < 2.0)
      rspec-support (~> 3.9.0)
    rspec-mocks (3.9.1)
      diff-lcs (>= 1.2.0, < 2.0)
      rspec-support (~> 3.9.0)
    rspec-support (3.9.3)
    thor (1.0.1)
    thread_safe (0.3.6)
    tzinfo (1.2.7)
      thread_safe (~> 0.1)
    zeitwerk (2.4.0)

PLATFORMS
  ruby

DEPENDENCIES
  activemodel
  activesupport
  alphavantagerb
  daru!
  daru-view!
  ffi-rzmq
  global
  iruby
  pry-byebug
  rake
  rbczmq
  retriable
  rspec
  zeitwerk

BUNDLED WITH
   2.1.4
